GEM
  remote: https://rubygems.org/
  specs:
    celluloid (0.16.0)
      timers (~> 4.0.0)
    chunky_png (1.3.4)
    coderay (1.1.0)
    colorize (0.7.7)
    compass (1.0.3)
      chunky_png (~> 1.2)
      compass-core (~> 1.0.2)
      compass-import-once (~> 1.0.5)
      rb-fsevent (>= 0.9.3)
      rb-inotify (>= 0.9)
      sass (>= 3.3.13, < 3.5)
    compass-core (1.0.3)
      multi_json (~> 1.0)
      sass (>= 3.3.0, < 3.5)
    compass-import-once (1.0.5)
      sass (>= 3.2, < 3.5)
    curb (0.8.8)
    ffi (1.9.10)
    formatador (0.2.5)
    guard (2.13.0)
      formatador (>= 0.2.4)
      listen (>= 2.7, <= 4.0)
      lumberjack (~> 1.0)
      nenv (~> 0.1)
      notiffany (~> 0.0)
      pry (>= 0.9.12)
      shellany (~> 0.0)
      thor (>= 0.18.1)
    hike (1.2.3)
    hitimes (1.2.2)
    json (1.8.2)
    listen (2.10.1)
      celluloid (~> 0.16.0)
      rb-fsevent (>= 0.9.3)
      rb-inotify (>= 0.9)
    lumberjack (1.0.9)
    method_source (0.8.2)
    mini_portile (0.6.2)
    multi_json (1.7.6)
    nenv (0.2.0)
    net_dav (0.5.0)
      nokogiri (>= 1.3.0)
    nokogiri (1.6.6.2)
      mini_portile (~> 0.6.0)
    notiffany (0.0.7)
      nenv (~> 0.1)
      shellany (~> 0.0)
    pry (0.10.1)
      coderay (~> 1.1.0)
      method_source (~> 0.8.1)
      slop (~> 3.4)
    psych (2.0.0)
    rack (1.6.4)
    rake (10.1.0)
    rb-fsevent (0.9.5)
    rb-inotify (0.9.5)
      ffi (>= 0.5.0)
    roo (2.1.1)
      nokogiri (~> 1)
      rubyzip (~> 1.1, < 2.0.0)
    rubyzip (1.1.7)
    sass (3.4.16)
    shellany (0.0.1)
    slop (3.6.0)
    sprockets (2.12.3)
      hike (~> 1.2)
      multi_json (~> 1.0)
      rack (~> 1.0)
      tilt (~> 1.1, != 1.3.0)
    susy (2.2.5)
      sass (>= 3.3.0, < 3.5)
    terminal-notifier-guard (1.6.4)
    thor (0.19.1)
    tilt (1.4.1)
    timers (4.0.1)
      hitimes
    trollop (2.1.2)
    yui-compressor (0.12.0)

PLATFORMS
  ruby

DEPENDENCIES
  colorize
  compass (>= 1.0.0)
  curb
  guard
  json (= 1.8.2)
  listen (< 3.0.0)
  multi_json (= 1.7.6)
  net_dav (= 0.5.0)
  nokogiri
  psych (= 2.0.0)
  rake (= 10.1.0)
  roo
  sass
  sprockets (= 2.12.3)
  susy
  terminal-notifier-guard
  trollop
  yui-compressor
