GEM
  remote: https://rubygems.org/
  specs:
    daemons (1.2.2)
    eventmachine (1.0.7)
    haml (4.0.3)
      tilt
    kgio (2.9.3)
    mini_portile (0.6.2)
    nokogiri (1.6.6.2)
      mini_portile (~> 0.6.0)
    rack (1.4.5)
    rack-protection (1.5.3)
      rack
    rack_dav (0.3.1)
      nokogiri
      rack (~> 1.4.0)
    raindrops (0.13.0)
    sinatra (1.4.3)
      rack (~> 1.4)
      rack-protection (~> 1.4)
      tilt (~> 1.3, >= 1.3.4)
    thin (1.5.1)
      daemons (>= 1.0.9)
      eventmachine (>= 0.12.6)
      rack (>= 1.0.0)
    tilt (1.4.1)
    unicorn (4.9.0)
      kgio (~> 2.6)
      rack
      raindrops (~> 0.7)

PLATFORMS
  ruby

DEPENDENCIES
  haml (= 4.0.3)
  rack (= 1.4.5)
  rack_dav (= 0.3.1)
  sinatra (= 1.4.3)
  thin (= 1.5.1)
  unicorn
